GEM
  specs:
    algorithms (0.6.1)
    childprocess (0.5.9)
      ffi (~> 1.0, >= 1.0.11)
    coderay (1.1.1)
    domain_name (0.5.24)
      unf (>= 0.0.5, < 1.0.0)
    ffi (1.9.10)
    google_plus (0.2.4)
      json
      rest-client (~> 1.6)
    http-cookie (1.0.2)
      domain_name (~> 0.5)
    json (1.8.3)
    method_source (0.8.2)
    mime-types (2.4.3)
    mini_portile2 (2.0.0)
    netrc (0.10.3)
    nokogiri (1.6.7.2)
      mini_portile2 (~> 2.0.0.rc2)
    open_uri_redirections (0.2.1)
    pry (0.10.3)
      coderay (~> 1.1.0)
      method_source (~> 0.8.1)
      slop (~> 3.4)
    rest-client (1.8.0)
      http-cookie (>= 1.0.2, < 2.0)
      mime-types (>= 1.16, < 3.0)
      netrc (~> 0.7)
    rubyzip (1.1.7)
    selenium-webdriver (2.53.0)
      childprocess (~> 0.5)
      rubyzip (~> 1.0)
      websocket (~> 1.0)
    slop (3.6.0)
    unf (0.2.0.beta2)
    websocket (1.2.2)

PLATFORMS
  ruby

DEPENDENCIES
  algorithms (~> 0.6.1)
  google_plus (~> 0.2.4)
  json (~> 1.8, >= 1.8.3)
  nokogiri (~> 1.6, >= 1.6.7.2)
  open_uri_redirections (~> 0.2.1)
  pry
  selenium-webdriver (~> 2.53)

BUNDLED WITH
   1.10.6
